GEM
  remote: http://rubygems.org/
  specs:
    compass (1.0.3)

PLATFORMS
  ruby

DEPENDENCIES
  rb-inotify
  rb-fsevent
  chunky_png
  compass-import-once
  compass-core
  sass
